GEM
  specs:
    abstract (1.0.0)
    actionpack (3.0.0.beta4)
      activemodel (= 3.0.0.beta4)
      activesupport (= 3.0.0.beta4)
      builder (~> 2.1.2)
      erubis (~> 2.6.5)
      i18n (~> 0.4.1)
      rack (~> 1.1.0)
      rack-mount (~> 0.6.3)
      rack-test (~> 0.5.4)
      tzinfo (~> 0.3.16)
    activemodel (3.0.0.beta4)
      activesupport (= 3.0.0.beta4)
      builder (~> 2.1.2)
      i18n (~> 0.4.1)
    activesupport (3.0.0.beta4)
    bson (1.0.1)
    bson_ext (1.0.1)
    builder (2.1.2)
    diff-lcs (1.1.2)
    erubis (2.6.5)
      abstract (>= 1.0.0)
    i18n (0.4.1)
    mongo (1.0.1)
      bson (= 1.0.1)
    rack (1.1.0)
    rack-mount (0.6.3)
    rack-test (0.5.4)
      rack (>= 1.0)
    railties (3.0.0.beta4)
      actionpack (= 3.0.0.beta4)
      activesupport (= 3.0.0.beta4)
      rake (>= 0.8.3)
      thor (~> 0.13.6)
    rake (0.8.7)
    rspec (2.0.0.beta.17)
      rspec-core (= 2.0.0.beta.17)
      rspec-expectations (= 2.0.0.beta.17)
      rspec-mocks (= 2.0.0.beta.17)
    rspec-core (2.0.0.beta.17)
    rspec-expectations (2.0.0.beta.17)
      diff-lcs (>= 1.1.2)
    rspec-mocks (2.0.0.beta.17)
    thor (0.13.6)
    tzinfo (0.3.20)

PLATFORMS
  ruby

DEPENDENCIES
  actionpack (= 3.0.0.beta4)
  bson_ext
  mongo
  railties (= 3.0.0.beta4)
  rspec (= 2.0.0.beta.17)
